PATH
  remote: .
  specs:
    mmtop (1.2.0)
      getopt-declare
      mysql2

GEM
  remote: http://rubygems.org/
  specs:
    bump (0.5.2)
    getopt-declare (1.32)
    mysql2 (0.3.18)
    mysql_isolated_server (0.5.3)
    rake (10.4.2)

PLATFORMS
  ruby

DEPENDENCIES
  bump
  mmtop!
  mysql_isolated_server
  rake
