PATH
  remote: .
  specs:
    mmtop (0.9.9)
      getopt-declare
      mysql2

GEM
  remote: http://rubygems.org/
  specs:
    columnize (0.3.6)
    debugger (1.2.2)
      columnize (>= 0.3.1)
      debugger-linecache (~> 1.1.1)
      debugger-ruby_core_source (~> 1.1.5)
    debugger-linecache (1.1.2)
      debugger-ruby_core_source (>= 1.1.1)
    debugger-ruby_core_source (1.1.5)
    getopt-declare (1.29)
    mysql2 (0.3.11)
    rake (10.0.2)
    yaggy (0.1.6)

PLATFORMS
  ruby

DEPENDENCIES
  debugger
  mmtop!
  rake
  yaggy
