PATH
  remote: .
  specs:
    mmtop (1.2.1)
      getopt-declare
      mysql2

GEM
  remote: http://rubygems.org/
  specs:
    bump (0.5.2)
    getopt-declare (1.32)
    mysql2 (0.3.18)
    mysql_isolated_server (0.5.3)
    rake (13.0.1)

PLATFORMS
  ruby

DEPENDENCIES
  bump
  mmtop!
  mysql_isolated_server
  rake
