PATH
  remote: .
  specs:
    mmtop (1.2.1)
      bcrypt_pbkdf
      ed25519
      getopt-declare
      mysql2
      net-ssh-gateway

GEM
  remote: http://rubygems.org/
  specs:
    bcrypt_pbkdf (1.1.0)
    bump (0.5.2)
    byebug (11.1.3)
    ed25519 (1.3.0)
    getopt-declare (1.32)
    mysql2 (0.5.3)
    mysql_isolated_server (0.5.3)
    net-ssh (6.1.0)
    net-ssh-gateway (2.0.0)
      net-ssh (>= 4.0.0)
    rake (13.0.6)

PLATFORMS
  ruby

DEPENDENCIES
  bump
  byebug
  mmtop!
  mysql_isolated_server
  rake

BUNDLED WITH
   2.2.22
